GEM
  remote: https://rubygems.org/
  specs:
    addressable (2.5.1)
      public_suffix (~> 2.0, >= 2.0.2)
    ansi (1.5.0)
    ast (2.3.0)
    bcrypt (3.1.11)
    builder (3.2.3)
    cucumber (2.4.0)
      builder (>= 2.1.2)
      cucumber-core (~> 1.5.0)
      cucumber-wire (~> 0.0.1)
      diff-lcs (>= 1.1.3)
      gherkin (~> 4.0)
      multi_json (>= 1.7.5, < 2.0)
      multi_test (>= 0.1.2)
    cucumber-core (1.5.0)
      gherkin (~> 4.0)
    cucumber-wire (0.0.1)
    data_mapper (0.9.2)
      dm-aggregates (>= 0.9.2)
      dm-cli (>= 0.9.2)
      dm-core (>= 0.9.2)
      dm-is-tree (>= 0.9.2)
      dm-migrations (>= 0.9.2)
      dm-observer (>= 0.9.2)
      dm-serializer (>= 0.9.2)
      dm-timestamps (>= 0.9.2)
      dm-types (>= 0.9.2)
      dm-validations (>= 0.9.2)
    data_objects (0.10.17)
      addressable (~> 2.1)
    database_cleaner (1.6.0)
    diff-lcs (1.3)
    dm-aggregates (1.2.0)
      dm-core (~> 1.2.0)
    dm-cli (1.2.0)
      dm-core (~> 1.2.0)
    dm-core (1.2.1)
      addressable (~> 2.3)
    dm-do-adapter (1.2.0)
      data_objects (~> 0.10.6)
      dm-core (~> 1.2.0)
    dm-is-tree (1.2.0)
      dm-core (~> 1.2.0)
    dm-migrations (1.2.0)
      dm-core (~> 1.2.0)
    dm-observer (1.2.0)
      dm-core (~> 1.2.0)
    dm-postgres-adapter (1.2.0)
      dm-do-adapter (~> 1.2.0)
      do_postgres (~> 0.10.6)
    dm-serializer (0.10.0)
    dm-timestamps (1.2.0)
      dm-core (~> 1.2.0)
    dm-types (0.10.0)
    dm-validations (1.2.0)
      dm-core (~> 1.2.0)
    do_postgres (0.10.17)
      data_objects (= 0.10.17)
    docile (1.1.5)
    gherkin (4.1.3)
    hirb (0.7.3)
    json (2.1.0)
    multi_json (1.12.1)
    multi_test (0.1.2)
    mustermann (1.0.0)
    parser (2.4.0.0)
      ast (~> 2.2)
    powerpack (0.1.1)
    public_suffix (2.0.5)
    rack (2.0.1)
    rack-protection (2.0.0)
      rack
    rainbow (2.2.2)
      rake
    rake (12.0.0)
    rspec (3.6.0)
      rspec-core (~> 3.6.0)
      rspec-expectations (~> 3.6.0)
      rspec-mocks (~> 3.6.0)
    rspec-core (3.6.0)
      rspec-support (~> 3.6.0)
    rspec-expectations (3.6.0)
      diff-lcs (>= 1.2.0, < 2.0)
      rspec-support (~> 3.6.0)
    rspec-mocks (3.6.0)
      diff-lcs (>= 1.2.0, < 2.0)
      rspec-support (~> 3.6.0)
    rspec-support (3.6.0)
    rubocop (0.48.1)
      parser (>= 2.3.3.1, < 3.0)
      powerpack (~> 0.1)
      rainbow (>= 1.99.1, < 3.0)
      ruby-progressbar (~> 1.7)
      unicode-display_width (~> 1.0, >= 1.0.1)
    ruby-progressbar (1.8.1)
    simplecov (0.14.1)
      docile (~> 1.1.0)
      json (>= 1.8, < 3)
      simplecov-html (~> 0.10.0)
    simplecov-console (0.4.1)
      ansi
      hirb
      simplecov
    simplecov-html (0.10.0)
    sinatra (2.0.0)
      mustermann (~> 1.0)
      rack (~> 2.0)
      rack-protection (= 2.0.0)
      tilt (~> 2.0)
    tilt (2.0.7)
    unicode-display_width (1.2.1)

PLATFORMS
  ruby

DEPENDENCIES
  bcrypt
  cucumber
  data_mapper
  database_cleaner
  dm-postgres-adapter
  rack
  rake
  rspec
  rubocop
  simplecov
  simplecov-console
  sinatra

RUBY VERSION
   ruby 2.4.0p0

BUNDLED WITH
   1.14.6
