GEM
  remote: https://rubygems.org/
  specs:
    addressable (2.3.7)
    bcrypt (3.1.10)
    bcrypt-ruby (3.1.5)
      bcrypt (>= 3.1.3)
    capybara (2.4.4)
      mime-types (>= 1.16)
      nokogiri (>= 1.3.3)
      rack (>= 1.0.0)
      rack-test (>= 0.5.4)
      xpath (~> 2.0)
    cliver (0.3.2)
    data_mapper (1.2.0)
      dm-aggregates (~> 1.2.0)
      dm-constraints (~> 1.2.0)
      dm-core (~> 1.2.0)
      dm-migrations (~> 1.2.0)
      dm-serializer (~> 1.2.0)
      dm-timestamps (~> 1.2.0)
      dm-transactions (~> 1.2.0)
      dm-types (~> 1.2.0)
      dm-validations (~> 1.2.0)
    data_objects (0.10.15)
      addressable (~> 2.1)
    database_cleaner (1.4.0)
    diff-lcs (1.2.5)
    dm-aggregates (1.2.0)
      dm-core (~> 1.2.0)
    dm-constraints (1.2.0)
      dm-core (~> 1.2.0)
    dm-core (1.2.1)
      addressable (~> 2.3)
    dm-do-adapter (1.2.0)
      data_objects (~> 0.10.6)
      dm-core (~> 1.2.0)
    dm-migrations (1.2.0)
      dm-core (~> 1.2.0)
    dm-postgres-adapter (1.2.0)
      dm-do-adapter (~> 1.2.0)
      do_postgres (~> 0.10.6)
    dm-serializer (1.2.2)
      dm-core (~> 1.2.0)
      fastercsv (~> 1.5)
      json (~> 1.6)
      json_pure (~> 1.6)
      multi_json (~> 1.0)
    dm-timestamps (1.2.0)
      dm-core (~> 1.2.0)
    dm-transactions (1.2.0)
      dm-core (~> 1.2.0)
    dm-types (1.2.2)
      bcrypt-ruby (~> 3.0)
      dm-core (~> 1.2.0)
      fastercsv (~> 1.5)
      json (~> 1.6)
      multi_json (~> 1.0)
      stringex (~> 1.4)
      uuidtools (~> 2.1)
    dm-validations (1.2.0)
      dm-core (~> 1.2.0)
    do_postgres (0.10.15)
      data_objects (= 0.10.15)
    excon (0.44.3)
    fastercsv (1.5.5)
    heroku (3.27.2)
      heroku-api (~> 0.3.19)
      launchy (>= 0.3.2)
      multi_json (~> 1.10.1)
      netrc (>= 0.10.0)
      rest-client (= 1.6.7)
      rubyzip (= 0.9.9)
    heroku-api (0.3.22)
      excon (~> 0.38)
      multi_json (~> 1.8)
    json (1.8.2)
    json_pure (1.8.2)
    launchy (2.4.3)
      addressable (~> 2.3)
    mime-types (2.4.3)
    mini_portile (0.6.2)
    multi_json (1.10.1)
    netrc (0.10.3)
    nokogiri (1.6.6.2)
      mini_portile (~> 0.6.0)
    pg (0.18.1)
    poltergeist (1.6.0)
      capybara (~> 2.1)
      cliver (~> 0.3.1)
      multi_json (~> 1.0)
      websocket-driver (>= 0.2.0)
    rack (1.6.0)
    rack-flash3 (1.0.5)
      rack
    rack-protection (1.5.3)
      rack
    rack-test (0.6.3)
      rack (>= 1.0)
    rest-client (1.6.7)
      mime-types (>= 1.16)
    rspec (3.2.0)
      rspec-core (~> 3.2.0)
      rspec-expectations (~> 3.2.0)
      rspec-mocks (~> 3.2.0)
    rspec-core (3.2.0)
      rspec-support (~> 3.2.0)
    rspec-expectations (3.2.0)
      diff-lcs (>= 1.2.0, < 2.0)
      rspec-support (~> 3.2.0)
    rspec-mocks (3.2.0)
      diff-lcs (>= 1.2.0, < 2.0)
      rspec-support (~> 3.2.0)
    rspec-support (3.2.1)
    rubyzip (0.9.9)
    sinatra (1.4.5)
      rack (~> 1.4)
      rack-protection (~> 1.4)
      tilt (~> 1.3, >= 1.3.4)
    sinatra-partial (0.4.0)
      sinatra
    stringex (1.5.1)
    tilt (1.4.1)
    uuidtools (2.1.5)
    websocket-driver (0.5.3)
      websocket-extensions (>= 0.1.0)
    websocket-extensions (0.1.2)
    xpath (2.0.0)
      nokogiri (~> 1.3)

PLATFORMS
  ruby

DEPENDENCIES
  bcrypt
  bcrypt-ruby
  capybara
  data_mapper
  database_cleaner
  dm-postgres-adapter
  heroku
  pg
  poltergeist
  rack-flash3
  rspec
  sinatra
  sinatra-partial
