GEM
  remote: https://rubygems.org/
  specs:
    addressable (2.8.0)
      public_suffix (>= 2.0.2, < 5.0)
    ansi (1.5.0)
    ast (2.4.2)
    capybara (3.36.0)
      addressable
      matrix
      mini_mime (>= 0.1.3)
      nokogiri (~> 1.8)
      rack (>= 1.6.0)
      rack-test (>= 0.6.3)
      regexp_parser (>= 1.5, < 3.0)
      xpath (~> 3.2)
    childprocess (4.1.0)
    concurrent-ruby (1.1.9)
    diff-lcs (1.4.4)
    docile (1.4.0)
    dry-configurable (0.14.0)
      concurrent-ruby (~> 1.0)
      dry-core (~> 0.6)
    dry-container (0.9.0)
      concurrent-ruby (~> 1.0)
      dry-configurable (~> 0.13, >= 0.13.0)
    dry-core (0.7.1)
      concurrent-ruby (~> 1.0)
    dry-equalizer (0.3.0)
    dry-inflector (0.2.1)
    dry-initializer (3.0.4)
    dry-logic (1.2.0)
      concurrent-ruby (~> 1.0)
      dry-core (~> 0.5, >= 0.5)
    dry-struct (1.4.0)
      dry-core (~> 0.5, >= 0.5)
      dry-types (~> 1.5)
      ice_nine (~> 0.11)
    dry-types (1.5.1)
      concurrent-ruby (~> 1.0)
      dry-container (~> 0.3)
      dry-core (~> 0.5, >= 0.5)
      dry-inflector (~> 0.1, >= 0.1.2)
      dry-logic (~> 1.0, >= 1.0.2)
    ice_nine (0.11.2)
    matrix (0.4.2)
    mini_mime (1.1.2)
    mini_portile2 (2.7.1)
    multi_json (1.15.0)
    mustermann (1.1.1)
      ruby2_keywords (~> 0.0.1)
    nokogiri (1.13.1)
      mini_portile2 (~> 2.7.0)
      racc (~> 1.4)
    parallel (1.20.1)
    parser (3.0.2.0)
      ast (~> 2.4.1)
    pg (1.2.3)
    public_suffix (4.0.6)
    racc (1.6.0)
    rack (2.2.3)
    rack-protection (2.1.0)
      rack
    rack-test (1.1.0)
      rack (>= 1.0, < 3)
    rainbow (3.0.0)
    regexp_parser (2.1.1)
    rexml (3.2.5)
    rom (5.2.6)
      rom-changeset (~> 5.2, >= 5.2.3)
      rom-core (~> 5.2, >= 5.2.5)
      rom-repository (~> 5.2, >= 5.2.2)
    rom-changeset (5.2.3)
      dry-core (~> 0.4)
      rom-core (~> 5.2)
      transproc (~> 1.0, >= 1.1.0)
    rom-core (5.2.6)
      concurrent-ruby (~> 1.1)
      dry-container (~> 0.7)
      dry-core (~> 0.4)
      dry-equalizer (~> 0.2)
      dry-inflector (~> 0.1)
      dry-initializer (~> 3.0, >= 3.0.1)
      dry-struct (~> 1.0)
      dry-types (~> 1.0)
      transproc (~> 1.0, >= 1.1.0)
    rom-repository (5.2.2)
      dry-core (~> 0.4)
      dry-initializer (~> 3.0, >= 3.0.1)
      rom-core (~> 5.2, >= 5.2.2)
    rom-sql (3.5.0)
      dry-core (~> 0.5, >= 0.5)
      dry-types (~> 1.0)
      rom (~> 5.2, >= 5.2.1)
      sequel (>= 4.49)
    rspec (3.10.0)
      rspec-core (~> 3.10.0)
      rspec-expectations (~> 3.10.0)
      rspec-mocks (~> 3.10.0)
    rspec-core (3.10.1)
      rspec-support (~> 3.10.0)
    rspec-expectations (3.10.1)
      diff-lcs (>= 1.2.0, < 2.0)
      rspec-support (~> 3.10.0)
    rspec-mocks (3.10.2)
      diff-lcs (>= 1.2.0, < 2.0)
      rspec-support (~> 3.10.0)
    rspec-support (3.10.2)
    rubocop (1.20.0)
      parallel (~> 1.10)
      parser (>= 3.0.0.0)
      rainbow (>= 2.2.2, < 4.0)
      regexp_parser (>= 1.8, < 3.0)
      rexml
      rubocop-ast (>= 1.9.1, < 2.0)
      ruby-progressbar (~> 1.7)
      unicode-display_width (>= 1.4.0, < 3.0)
    rubocop-ast (1.11.0)
      parser (>= 3.0.1.1)
    ruby-progressbar (1.11.0)
    ruby2_keywords (0.0.5)
    rubyzip (2.3.2)
    selenium-webdriver (4.1.0)
      childprocess (>= 0.5, < 5.0)
      rexml (~> 3.2, >= 3.2.5)
      rubyzip (>= 1.2.2)
    sequel (5.52.0)
    simplecov (0.21.2)
      docile (~> 1.1)
      simplecov-html (~> 0.11)
      simplecov_json_formatter (~> 0.1)
    simplecov-console (0.9.1)
      ansi
      simplecov
      terminal-table
    simplecov-html (0.12.3)
    simplecov_json_formatter (0.1.3)
    sinatra (2.1.0)
      mustermann (~> 1.0)
      rack (~> 2.2)
      rack-protection (= 2.1.0)
      tilt (~> 2.0)
    sinatra-contrib (2.1.0)
      multi_json
      mustermann (~> 1.0)
      rack-protection (= 2.1.0)
      sinatra (= 2.1.0)
      tilt (~> 2.0)
    sinatra-reloader (1.0)
      sinatra-contrib
    terminal-table (3.0.1)
      unicode-display_width (>= 1.1.1, < 3)
    tilt (2.0.10)
    transproc (1.1.1)
    unicode-display_width (2.0.0)
    webrick (1.7.0)
    xpath (3.2.0)
      nokogiri (~> 1.8)

PLATFORMS
  ruby

DEPENDENCIES
  capybara
  pg
  rack
  rom
  rom-sql
  rspec
  rubocop (= 1.20)
  selenium-webdriver
  simplecov
  simplecov-console
  sinatra
  sinatra-reloader
  webrick

RUBY VERSION
   ruby 3.0.2p107

BUNDLED WITH
   2.3.4
